PATH
  remote: ~/git/snowpacker
  specs:
    snowpacker (0.0.1)

GEM
  remote: http://rubygems.org/
  specs:

PLATFORMS
  ruby

DEPENDENCIES
  snowpacker!
